GEM
  remote: https://rubygems.org/
  specs:
    activesupport (6.0.6.1)
      concurrent-ruby (~> 1.0, >= 1.0.2)
      i18n (>= 0.7, < 2)
      minitest (~> 5.1)
      tzinfo (~> 1.1)
      zeitwerk (~> 2.2, >= 2.2.2)
    auto_click (0.5.9)
    concurrent-ruby (1.2.0)
    i18n (1.12.0)
      concurrent-ruby (~> 1.0)
    mini_magick (4.9.5)
    minitest (5.17.0)
    thread_safe (0.3.6)
    time_difference (0.5.0)
      activesupport
    tzinfo (1.2.11)
      thread_safe (~> 0.1)
    zeitwerk (2.6.6)

PLATFORMS
  ruby
  x64-mingw32

DEPENDENCIES
  activesupport
  auto_click
  mini_magick
  time_difference

RUBY VERSION
   ruby 2.6.3p62

BUNDLED WITH
   1.17.3
